GIT
  remote: git://github.com/fhir-crucible/plan_executor.git
  revision: e8e3ab44afd54304f30e15e87f75dfdf4171c709
  branch: master
  specs:
    plan_executor (1.0.0)

GEM
  remote: https://rubygems.org/
  specs:

PLATFORMS
  ruby

DEPENDENCIES
  plan_executor!

BUNDLED WITH
   1.12.5
